GEM
  remote: https://rubygems.org/
  specs:
    addressable (2.3.8)
    faraday (0.11.0)
      multipart-post (>= 1.2, < 3)
    json (1.8.6)
    mime-types (1.25.1)
    mini_portile2 (2.1.0)
    multipart-post (2.0.0)
    nokogiri (1.7.0)
      mini_portile2 (~> 2.1.0)
    octokit (4.6.2)
      sawyer (~> 0.8.0, >= 0.5.3)
    rest-client (1.6.9)
      mime-types (~> 1.16)
    sawyer (0.8.1)
      addressable (>= 2.3.5, < 2.6)
      faraday (~> 0.8, < 1.0)
    unirest (1.1.2)
      addressable (~> 2.3.5)
      json (~> 1.8.1)
      rest-client (~> 1.6.7)

PLATFORMS
  ruby

DEPENDENCIES
  nokogiri!
  octokit!
  unirest!

BUNDLED WITH
   1.14.2
